GEM
  remote: http://rubygems.org/
  specs:
    algorithms (0.3.0)
    blankslate (2.1.2.4)
    parslet (1.2.1)
      blankslate (~> 2.0)

PLATFORMS
  ruby

DEPENDENCIES
  algorithms
  parslet
